GIT
  remote: https://github.com/ddfreyne/nanoc.git
  revision: 96469576a655126ffdebcddc67dfdb410956ae46
  branch: release-3.4.x
  specs:
    nanoc (3.4.1)
      cri (~> 2.2)

GEM
  remote: http://rubygems.org/
  specs:
    activerecord (1.6.0)
    activesupport (3.2.8)
      i18n (~> 0.6)
      multi_json (~> 1.0)
    adsf (1.1.1)
      rack (>= 1.0.0)
    backports (2.6.4)
    bluecloth (2.2.0)
    builder (3.1.4)
    colored (1.2)
    cri (2.3.0)
      colored (>= 1.2)
    erubis (2.7.0)
    eventmachine (1.0.0)
    i18n (0.6.1)
    image_size (1.1.1)
    kramdown (0.13.8)
    multi_json (1.3.6)
    nokogiri (1.5.5)
    pg (0.14.1)
    psych (1.3.4)
    rack (1.4.1)
    rack-protection (1.2.0)
      rack
    rack-test (0.6.2)
      rack (>= 1.0)
    rainpress (1.0)
    rmagick (2.13.1)
    rsolr (1.0.8)
      builder (>= 2.1.2)
    sinatra (1.3.3)
      rack (~> 1.3, >= 1.3.6)
      rack-protection (~> 1.2)
      tilt (~> 1.3, >= 1.3.3)
    sinatra-contrib (1.3.2)
      backports (>= 2.0)
      eventmachine
      rack-protection
      rack-test
      sinatra (~> 1.3.0)
      tilt (~> 1.3)
    systemu (2.5.2)
    tilt (1.3.3)

PLATFORMS
  ruby

DEPENDENCIES
  activerecord
  activesupport
  adsf
  bluecloth
  builder
  cri (~> 2.3.0)
  erubis (~> 2.7.0)
  image_size
  kramdown (~> 0.13.6)
  nanoc!
  nokogiri
  pg
  psych (~> 1.3.3)
  rainpress
  rmagick
  rsolr
  sinatra
  sinatra-contrib
  systemu
