GIT
  remote: git://github.com/prawnpdf/prawn
  revision: 131082af5abb71d83de0e2005ecceaa829224904
  branch: master
  specs:
    prawn (1.0.0.rc1)
      pdf-reader (>= 0.9.0, < 2.0)
      ttfunk (~> 1.0.3)

GEM
  remote: http://rubygems.org/
  specs:
    Ascii85 (1.0.2)
    activesupport (3.1.8)
      multi_json (>= 1.0, < 1.3)
    adsf (1.1.1)
      rack (>= 1.0.0)
    awesome_print (1.1.0)
    backports (2.6.5)
    bluecloth (2.2.0)
    builder (3.0.4)
    colored (1.2)
    cri (2.3.0)
      colored (>= 1.2)
    daemons (1.1.9)
    erubis (2.7.0)
    eventmachine (1.0.0)
    fspath (2.0.4)
    hashery (2.0.1)
    htmlentities (4.3.1)
    i18n (0.6.1)
    image_optim (0.6.0)
      fspath (~> 2.0.3)
      image_size (~> 1.1)
      in_threads (~> 1.1.1)
      progress (~> 2.4.0)
    image_size (1.1.1)
    in_threads (1.1.1)
    kramdown (0.13.8)
    multi_json (1.2.0)
    nanoc (3.4.2)
      cri (~> 2.2)
    nokogiri (1.5.5)
    pdf-reader (1.2.0)
      Ascii85 (~> 1.0.0)
      hashery (~> 2.0)
      ruby-rc4
    pg (0.14.1)
    progress (2.4.0)
    rack (1.4.1)
    rack-contrib (1.1.0)
      rack (>= 0.9.1)
    rack-protection (1.2.0)
      rack
    rack-test (0.6.2)
      rack (>= 1.0)
    rainpress (1.0)
    rmagick (2.13.1)
    rsolr (1.0.8)
      builder (>= 2.1.2)
    ruby-filemagic (0.4.2)
    ruby-rc4 (0.1.5)
    sinatra (1.3.3)
      rack (~> 1.3, >= 1.3.6)
      rack-protection (~> 1.2)
      tilt (~> 1.3, >= 1.3.3)
    sinatra-contrib (1.3.2)
      backports (>= 2.0)
      eventmachine
      rack-protection
      rack-test
      sinatra (~> 1.3.0)
      tilt (~> 1.3)
    systemu (2.5.2)
    thin (1.5.0)
      daemons (>= 1.0.9)
      eventmachine (>= 0.12.6)
      rack (>= 1.0.0)
    tilt (1.3.3)
    ttfunk (1.0.3)
    tzinfo (0.3.34)

PLATFORMS
  ruby

DEPENDENCIES
  activesupport
  adsf
  awesome_print
  bluecloth
  builder
  cri (~> 2.3.0)
  erubis (~> 2.7.0)
  htmlentities
  i18n
  image_optim
  kramdown (~> 0.13.6)
  nanoc (~> 3.4.2)
  nokogiri
  pg
  prawn!
  rack-contrib
  rainpress
  rmagick
  rsolr
  ruby-filemagic
  sinatra
  sinatra-contrib
  systemu
  thin
  tzinfo
