GIT
  remote: https://github.com/ddfreyne/nanoc.git
  revision: 46c45c26f62f345ab1796ca605aeeacb128d160d
  branch: release-3.4.x
  specs:
    nanoc (3.4.0)
      cri (~> 2.2)

GEM
  remote: http://rubygems.org/
  specs:
    activemodel (3.2.6)
      activesupport (= 3.2.6)
      builder (~> 3.0.0)
    activerecord (3.2.6)
      activemodel (= 3.2.6)
      activesupport (= 3.2.6)
      arel (~> 3.0.2)
      tzinfo (~> 0.3.29)
    activesupport (3.2.6)
      i18n (~> 0.6)
      multi_json (~> 1.0)
    adsf (1.1.1)
      rack (>= 1.0.0)
    arel (3.0.2)
    bluecloth (2.2.0)
    builder (3.0.0)
    colored (1.2)
    cri (2.3.0)
      colored (>= 1.2)
    erubis (2.7.0)
    i18n (0.6.0)
    image_size (1.1.1)
    kramdown (0.13.7)
    multi_json (1.3.6)
    nokogiri (1.5.5)
    pg (0.14.0)
    psych (1.3.3)
    rack (1.4.1)
    rainpress (1.0)
    rmagick (2.13.1)
    systemu (2.5.2)
    tzinfo (0.3.33)

PLATFORMS
  ruby

DEPENDENCIES
  activerecord
  adsf
  bluecloth
  builder
  cri (~> 2.3.0)
  erubis (~> 2.7.0)
  image_size
  kramdown (~> 0.13.6)
  nanoc!
  nokogiri
  pg
  psych (~> 1.3.3)
  rainpress
  rmagick
  systemu
