GIT
  remote: https://github.com/ddfreyne/nanoc.git
  revision: 43e23e88a20b9febceacfeb28f052b291a46052f
  branch: release-3.4.x
  specs:
    nanoc (3.4.2)
      cri (~> 2.2)

GEM
  remote: http://rubygems.org/
  specs:
    activerecord (1.6.0)
    activesupport (3.2.8)
      i18n (~> 0.6)
      multi_json (~> 1.0)
    adsf (1.1.1)
      rack (>= 1.0.0)
    awesome_print (1.1.0)
    backports (2.6.5)
    bluecloth (2.2.0)
    builder (3.1.4)
    coderay (1.0.8)
    colored (1.2)
    cri (2.3.0)
      colored (>= 1.2)
    daemons (1.1.9)
    erubis (2.7.0)
    eventmachine (1.0.0)
    ffi (1.1.5)
    guard (1.5.3)
      listen (>= 0.4.2)
      lumberjack (>= 1.0.2)
      pry (>= 0.9.10)
      thor (>= 0.14.6)
    guard-bundler (1.0.0)
      bundler (~> 1.0)
      guard (~> 1.1)
    guard-nanoc (0.1.0)
      guard (>= 0.2.1)
      nanoc (>= 3.1.5)
    i18n (0.6.1)
    image_size (1.1.1)
    kramdown (0.13.8)
    listen (0.5.3)
    lumberjack (1.0.2)
    method_source (0.8.1)
    multi_json (1.3.7)
    nokogiri (1.5.5)
    pg (0.14.1)
    pry (0.9.10)
      coderay (~> 1.0.5)
      method_source (~> 0.8)
      slop (~> 3.3.1)
    psych (1.3.4)
    rack (1.4.1)
    rack-protection (1.2.0)
      rack
    rack-test (0.6.2)
      rack (>= 1.0)
    rainpress (1.0)
    rb-fchange (0.0.6)
      ffi
    rb-fsevent (0.9.2)
    rb-inotify (0.8.8)
      ffi (>= 0.5.0)
    rmagick (2.13.1)
    rsolr (1.0.8)
      builder (>= 2.1.2)
    ruby-filemagic (0.4.2)
    ruby_gntp (0.3.4)
    sinatra (1.3.3)
      rack (~> 1.3, >= 1.3.6)
      rack-protection (~> 1.2)
      tilt (~> 1.3, >= 1.3.3)
    sinatra-contrib (1.3.2)
      backports (>= 2.0)
      eventmachine
      rack-protection
      rack-test
      sinatra (~> 1.3.0)
      tilt (~> 1.3)
    slop (3.3.3)
    systemu (2.5.2)
    thin (1.5.0)
      daemons (>= 1.0.9)
      eventmachine (>= 0.12.6)
      rack (>= 1.0.0)
    thor (0.16.0)
    tilt (1.3.3)

PLATFORMS
  ruby

DEPENDENCIES
  activerecord
  activesupport
  adsf
  awesome_print
  bluecloth
  builder
  cri (~> 2.3.0)
  erubis (~> 2.7.0)
  guard
  guard-bundler
  guard-nanoc
  image_size
  kramdown (~> 0.13.6)
  nanoc!
  nokogiri
  pg
  psych (~> 1.3.3)
  rainpress
  rb-fchange
  rb-fsevent
  rb-inotify
  rmagick
  rsolr
  ruby-filemagic
  ruby_gntp
  sinatra
  sinatra-contrib
  systemu
  thin
